GEM
  remote: https://rubygems.org/
  specs:
    childprocess (0.9.0)
      ffi (~> 1.0, >= 1.0.11)
    ffi (1.9.25-x64-mingw32)
    rubyzip (1.2.2)
    selenium-webdriver (3.141.0)
      childprocess (~> 0.5)
      rubyzip (~> 1.2, >= 1.2.2)

PLATFORMS
  x64-mingw32

DEPENDENCIES
  selenium-webdriver (= 3.141.0)

BUNDLED WITH
   1.17.1
